GEM
  remote: http://rubygems.org/
  specs:
    RubyInline (3.8.6)
      ZenTest (~> 4.3)
    ZenTest (4.5.0)
    abstract (1.0.0)
    activemodel (3.0.5)
      activesupport (= 3.0.5)
      builder (~> 2.1.2)
      i18n (~> 0.4)
    activesupport (3.0.5)
    bson (1.2.4)
    bson_ext (1.2.4)
    builder (2.1.2)
    erubis (2.6.6)
      abstract (>= 1.0.0)
    git (1.2.5)
    hpricot (0.8.4)
    i18n (0.5.0)
    image_science (1.2.1)
    impromptu (1.5.2)
    jeweler (1.5.2)
      bundler (~> 1.0.0)
      git (>= 1.2.5)
      rake
    json (1.4.6)
    mail (2.2.15)
      activesupport (>= 2.3.6)
      i18n (>= 0.4.0)
      mime-types (~> 1.16)
      treetop (~> 1.4.8)
    mime-types (1.16)
    mongo (1.2.4)
      bson (>= 1.2.4)
    plucky (0.3.7)
      mongo (~> 1.1)
    polyglot (0.3.1)
    rack (1.2.2)
    rack-contrib (1.1.0)
      rack (>= 0.9.1)
    rake (0.8.7)
    rcov (0.9.9)
    ri_cal (0.8.8)
    shoulda (2.11.3)
    treetop (1.4.9)
      polyglot (>= 0.3.1)

PLATFORMS
  ruby

DEPENDENCIES
  RubyInline (~> 3.8.6)
  activemodel (~> 3.0.3)
  activesupport (~> 3.0.3)
  bson (~> 1.2.4)
  bson_ext (~> 1.2.4)
  builder (~> 2.1.2)
  bundler (~> 1.0.0)
  erubis (~> 2.6.6)
  hpricot (~> 0.8.3)
  image_science (~> 1.2.1)
  impromptu (~> 1.5.2)
  jeweler (~> 1.5.1)
  json (~> 1.4.6)
  mail (~> 2.2.9)
  mongo (~> 1.2.4)
  plucky (~> 0.3.7)
  rack (~> 1.0)
  rack-contrib (~> 1.1.0)
  rcov
  ri_cal (~> 0.8.7)
  shoulda
