GEM
  remote: http://rubygems.org/
  specs:
    abstract (1.0.0)
    activesupport (3.0.1)
    bson (1.1.2)
    builder (2.1.2)
    erubis (2.6.6)
      abstract (>= 1.0.0)
    git (1.2.5)
    hpricot (0.8.3)
    i18n (0.4.2)
    image_science (1.2.1)
    impromptu (1.0.0)
    jeweler (1.5.1)
      bundler (~> 1.0.0)
      git (>= 1.2.5)
      rake
    jnunemaker-validatable (1.8.4)
      activesupport (>= 2.3.4)
    json (1.4.6)
    mail (2.2.9)
      activesupport (>= 2.3.6)
      i18n (~> 0.4.1)
      mime-types (~> 1.16)
      treetop (~> 1.4.8)
    mime-types (1.16)
    mongo (1.1.2)
      bson (>= 1.1.1)
    mongo_mapper (0.8.6)
      activesupport (>= 2.3.4)
      jnunemaker-validatable (~> 1.8.4)
      plucky (~> 0.3.6)
    plucky (0.3.6)
      mongo (~> 1.1)
    polyglot (0.3.1)
    rack (1.2.1)
    rack-contrib (1.1.0)
      rack (>= 0.9.1)
    rake (0.8.7)
    rcov (0.9.9)
    ri_cal (0.8.7)
    shoulda (2.11.3)
    treetop (1.4.8)
      polyglot (>= 0.3.1)

PLATFORMS
  ruby

DEPENDENCIES
  activesupport (~> 3.0.0)
  builder (~> 2.1.2)
  bundler (~> 1.0.0)
  erubis (~> 2.6.6)
  hpricot (~> 0.8.3)
  image_science (~> 1.2.1)
  impromptu (~> 1.0)
  jeweler (~> 1.5.1)
  json (~> 1.4.6)
  mail (~> 2.2.9)
  mongo_mapper (~> 0.8.6)
  rack (~> 1.0)
  rack-contrib (~> 1.1.0)
  rcov
  ri_cal (~> 0.8.7)
  shoulda
