PATH
  remote: .
  specs:
    yodel (0.0.1)
      activesupport (~> 3.0.3)
      bson (~> 1.3.1)
      bson_ext (~> 1.3.1)
      bundler (~> 1.0.21)
      ember (~> 0.3.1)
      git (~> 1.2.5)
      highline (~> 1.6.2)
      hpricot (~> 0.8.4)
      json (~> 1.6.1)
      mail (~> 2.3.0)
      mini_magick (~> 3.3)
      mongo (~> 1.3.1)
      plucky (~> 0.4.1)
      rack (~> 1.3.3)
      rack-contrib (~> 1.1.0)
      rubydns (~> 0.3.3)
      yodel_admin
      yodel_blog
      yodel_development_environment
      yodel_production_environment
      yodel_queue

GEM
  remote: http://rubygems.org/
  specs:
    activesupport (3.0.10)
    bson (1.3.1)
    bson_ext (1.3.1)
    ember (0.3.1)
    eventmachine (0.12.10)
    git (1.2.5)
    highline (1.6.2)
    hpricot (0.8.4)
    i18n (0.6.0)
    json (1.6.1)
    mail (2.3.0)
      i18n (>= 0.4.0)
      mime-types (~> 1.16)
      treetop (~> 1.4.8)
    mime-types (1.17.1)
    mini_magick (3.3)
      subexec (~> 0.1.0)
    mongo (1.3.1)
      bson (>= 1.3.1)
    plucky (0.4.2)
      mongo (~> 1.3.0, < 1.5.0)
    polyglot (0.3.2)
    rack (1.3.5)
    rack-contrib (1.1.0)
      rack (>= 0.9.1)
    rexec (1.4.1)
    rubydns (0.3.3)
      eventmachine
      rexec
    subexec (0.1.0)
    treetop (1.4.10)
      polyglot
      polyglot (>= 0.3.1)
    yodel_admin (0.0.1)
    yodel_blog (0.0.1)
    yodel_development_environment (0.0.1)
    yodel_production_environment (0.0.1)
    yodel_queue (0.0.1)

PLATFORMS
  ruby

DEPENDENCIES
  yodel!
