GIT
  remote: https://github.com/willcannings/activemerchant-payway.git
  revision: 9508a8bebbf8ec3505834b52d0280572bdb6c335
  specs:
    activemerchant-payway (0.0.2)
      activemerchant (>= 1.9.1)

GEM
  remote: http://rubygems.org/
  specs:
    RubyInline (3.8.6)
      ZenTest (~> 4.3)
    ZenTest (4.6.0)
    activemerchant (1.16.0)
      activesupport (>= 2.3.11)
      braintree (>= 2.0.0)
      builder (>= 2.0.0)
      json (>= 1.5.1)
    activesupport (3.0.9)
    braintree (2.10.2)
      builder (>= 2.0.0)
    bson (1.2.4)
    bson_ext (1.2.4)
    builder (3.0.0)
    ember (0.3.1)
    git (1.2.5)
    hpricot (0.8.4)
    i18n (0.6.0)
    image_science (1.2.1)
    jeweler (1.5.2)
      bundler (~> 1.0.0)
      git (>= 1.2.5)
      rake
    json (1.5.3)
    linguistics (1.0.8)
    mail (2.2.19)
      activesupport (>= 2.3.6)
      i18n (>= 0.4.0)
      mime-types (~> 1.16)
      treetop (~> 1.4.8)
    mime-types (1.16)
    mongo (1.2.4)
      bson (>= 1.2.4)
    plucky (0.3.7)
      mongo (~> 1.1)
    polyglot (0.3.2)
    rack (1.3.2)
    rack-contrib (1.1.0)
      rack (>= 0.9.1)
    rake (0.9.2)
    rcov (0.9.10)
    shoulda (2.11.3)
    treetop (1.4.10)
      polyglot
      polyglot (>= 0.3.1)

PLATFORMS
  ruby

DEPENDENCIES
  RubyInline (~> 3.8.6)
  activemerchant
  activemerchant-payway!
  activesupport (~> 3.0.3)
  bson (~> 1.2.4)
  bson_ext (~> 1.2.4)
  bundler (~> 1.0.0)
  ember (~> 0.3.0)
  hpricot (~> 0.8.3)
  image_science (~> 1.2.1)
  jeweler (~> 1.5.1)
  json (~> 1.5.1)
  linguistics (~> 1.0.8)
  mail (~> 2.2.9)
  mongo (~> 1.2.4)
  plucky (~> 0.3.7)
  rack (~> 1.0)
  rack-contrib (~> 1.1.0)
  rcov
  shoulda
