GEM
  remote: http://rubygems.org/
  specs:
    RubyInline (3.11.0)
      ZenTest (~> 4.3)
    ZenTest (4.6.2)
    activesupport (3.0.10)
    bson (1.3.1)
    bson_ext (1.3.1)
    ember (0.3.1)
    eventmachine (0.12.10)
    git (1.2.5)
    highline (1.6.2)
    hpricot (0.8.4)
    i18n (0.6.0)
    image_science (1.2.1)
    jeweler (1.5.2)
      bundler (~> 1.0.0)
      git (>= 1.2.5)
      rake
    json (1.6.1)
    mail (2.3.0)
      i18n (>= 0.4.0)
      mime-types (~> 1.16)
      treetop (~> 1.4.8)
    mime-types (1.16)
    mongo (1.3.1)
      bson (>= 1.3.1)
    plucky (0.4.1)
      mongo (~> 1.3.1)
    polyglot (0.3.2)
    rack (1.3.3)
    rack-contrib (1.1.0)
      rack (>= 0.9.1)
    rake (0.9.2)
    rcov (0.9.10)
    rexec (1.4.1)
    rubydns (0.3.3)
      eventmachine
      rexec
    shoulda (2.11.3)
    treetop (1.4.10)
      polyglot
      polyglot (>= 0.3.1)
    yodel_admin (0.0.1)
    yodel_blog (0.0.1)
    yodel_queue (0.0.1)

PLATFORMS
  ruby

DEPENDENCIES
  RubyInline (~> 3.11.0)
  activesupport (~> 3.0.3)
  bson (~> 1.3.1)
  bson_ext (~> 1.3.1)
  bundler (~> 1.0.21)
  ember (~> 0.3.1)
  git (~> 1.2.5)
  highline (~> 1.6.2)
  hpricot (~> 0.8.4)
  image_science (~> 1.2.1)
  jeweler (~> 1.5.1)
  json (~> 1.6.1)
  mail (~> 2.3.0)
  mongo (~> 1.3.1)
  plucky (~> 0.4.1)
  rack (~> 1.3.3)
  rack-contrib (~> 1.1.0)
  rcov
  rubydns (~> 0.3.3)
  shoulda
  yodel_admin
  yodel_blog
  yodel_queue
