PATH
  remote: .
  specs:
    yodel (0.0.7)
      activesupport (~> 3.0.3)
      bson (~> 1.3.1)
      bson_ext (~> 1.3.1)
      bundler (~> 1.1.2)
      ember (~> 0.3.1)
      git (~> 1.2.5)
      highline (~> 1.6.2)
      hpricot (~> 0.8.4)
      json (~> 1.6.1)
      linguistics (~> 1.0.9)
      mail (~> 2.3.0)
      mongo (~> 1.3.1)
      plucky (~> 0.4.1)
      rack (~> 1.3.3)
      rack-contrib (~> 1.1.0)
      rubydns (~> 0.3.3)
      shoulda (~> 3.0.1)

GEM
  remote: http://rubygems.org/
  specs:
    activesupport (3.0.10)
    bson (1.3.1)
    bson_ext (1.3.1)
    ember (0.3.1)
    eventmachine (0.12.10)
    git (1.2.5)
    highline (1.6.2)
    hpricot (0.8.4)
    i18n (0.6.0)
    json (1.6.5)
    linguistics (1.0.9)
    mail (2.3.0)
      i18n (>= 0.4.0)
      mime-types (~> 1.16)
      treetop (~> 1.4.8)
    mime-types (1.16)
    mongo (1.3.1)
      bson (>= 1.3.1)
    plucky (0.4.2)
      mongo (~> 1.3.0, < 1.5.0)
    polyglot (0.3.2)
    rack (1.3.4)
    rack-contrib (1.1.0)
      rack (>= 0.9.1)
    rexec (1.4.1)
    rubydns (0.3.3)
      eventmachine
      rexec
    shoulda (3.0.1)
      shoulda-context (~> 1.0.0)
      shoulda-matchers (~> 1.0.0)
    shoulda-context (1.0.0)
    shoulda-matchers (1.0.0)
    treetop (1.4.10)
      polyglot
      polyglot (>= 0.3.1)

PLATFORMS
  ruby

DEPENDENCIES
  yodel!
